GEM
  remote: https://rubygems.org/
  specs:
    addressable (2.5.2)
      public_suffix (>= 2.0.2, < 4.0)
    adsf (1.2.1)
      rack (>= 1.0.0)
    aws-sdk (2.10.78)
      aws-sdk-resources (= 2.10.78)
    aws-sdk-core (2.10.78)
      aws-sigv4 (~> 1.0)
      jmespath (~> 1.0)
    aws-sdk-resources (2.10.78)
      aws-sdk-core (= 2.10.78)
    aws-sigv4 (1.0.2)
    coderay (1.1.2)
    colored (1.2)
    concurrent-ruby (1.0.5)
    configure-s3-website (2.3.0)
      aws-sdk (~> 2)
      deep_merge (~> 1.0.0)
    cri (2.10.1)
      colored (~> 1.2)
    ddplugin (1.0.1)
    declarative (0.0.10)
    declarative-option (0.1.0)
    deep_merge (1.0.1)
    dotenv (1.0.2)
    faraday (0.13.1)
      multipart-post (>= 1.2, < 3)
    ffi (1.9.18)
    formatador (0.2.5)
    google-api-client (0.17.0)
      addressable (~> 2.5, >= 2.5.1)
      googleauth (>= 0.5, < 0.7.0)
      httpclient (>= 2.8.1, < 3.0)
      mime-types (~> 3.0)
      representable (~> 3.0)
      retriable (>= 2.0, < 4.0)
    googleauth (0.6.2)
      faraday (~> 0.12)
      jwt (>= 1.4, < 3.0)
      logging (~> 2.0)
      memoist (~> 0.12)
      multi_json (~> 1.11)
      os (~> 0.9)
      signet (~> 0.7)
    guard (2.14.1)
      formatador (>= 0.2.4)
      listen (>= 2.7, < 4.0)
      lumberjack (~> 1.0)
      nenv (~> 0.1)
      notiffany (~> 0.0)
      pry (>= 0.9.12)
      shellany (~> 0.0)
      thor (>= 0.18.1)
    guard-compat (1.2.1)
    guard-nanoc (2.1.2)
      guard (~> 2.8)
      guard-compat (~> 1.0)
      nanoc (>= 4.3.8, < 5.0)
    haml (5.0.4)
      temple (>= 0.8.0)
      tilt
    hamster (3.0.0)
      concurrent-ruby (~> 1.0)
    httpclient (2.8.3)
    jmespath (1.3.1)
    json (2.1.0)
    jwt (2.1.0)
    listen (3.1.5)
      rb-fsevent (~> 0.9, >= 0.9.4)
      rb-inotify (~> 0.9, >= 0.9.7)
      ruby_dep (~> 1.2)
    little-plugger (1.1.4)
    logging (2.2.2)
      little-plugger (~> 1.1)
      multi_json (~> 1.10)
    lumberjack (1.0.12)
    memoist (0.16.0)
    method_source (0.9.0)
    mime-types (3.1)
      mime-types-data (~> 3.2015)
    mime-types-data (3.2016.0521)
    mini_portile2 (2.3.0)
    multi_json (1.12.2)
    multipart-post (2.0.0)
    nanoc (4.8.11)
      addressable (~> 2.5)
      cri (~> 2.8)
      ddplugin (~> 1.0)
      hamster (~> 3.0)
      ref (~> 2.0)
      slow_enumerator_tools (~> 1.0)
    nenv (0.3.0)
    nokogiri (1.8.1)
      mini_portile2 (~> 2.3.0)
    notiffany (0.1.1)
      nenv (~> 0.1)
      shellany (~> 0.0)
    os (0.9.6)
    pry (0.11.2)
      coderay (~> 1.1.0)
      method_source (~> 0.9.0)
    public_suffix (3.0.0)
    rack (2.0.3)
    rb-fsevent (0.10.2)
    rb-inotify (0.9.10)
      ffi (>= 0.5.0, < 2)
    ref (2.0.0)
    representable (3.0.4)
      declarative (< 0.1.0)
      declarative-option (< 0.2.0)
      uber (< 0.2.0)
    retriable (3.1.1)
    ruby_dep (1.5.0)
    s3_website (3.4.0)
      colored (= 1.2)
      configure-s3-website (= 2.3.0)
      dotenv (~> 1.0)
      thor (~> 0.18)
    shellany (0.0.1)
    signet (0.8.1)
      addressable (~> 2.3)
      faraday (~> 0.9)
      jwt (>= 1.5, < 3.0)
      multi_json (~> 1.10)
    slow_enumerator_tools (1.0.0)
    temple (0.8.0)
    thor (0.20.0)
    tilt (2.0.8)
    uber (0.1.0)
    w3c_validators (1.3.3)
      json (>= 1.8)
      nokogiri (~> 1.6)

PLATFORMS
  ruby

DEPENDENCIES
  adsf
  google-api-client
  guard-nanoc
  haml
  nanoc
  s3_website
  w3c_validators

BUNDLED WITH
   1.16.0
